GIT
  remote: https://github.com/pakyow/pakyow.git
  revision: 6af5bfea9980c943e8d2aecbe496f9f0d01fcaaa
  specs:
    pakyow (0.11.0)
      bundler (~> 1.10)
      pakyow-core (= 0.11.0)
      pakyow-mailer (= 0.11.0)
      pakyow-presenter (= 0.11.0)
      pakyow-rake (= 0.11.0)
      pakyow-realtime (= 0.11.0)
      pakyow-support (= 0.11.0)
      pakyow-test (= 0.11.0)
      pakyow-ui (= 0.11.0)
      thor (~> 0.19)
    pakyow-core (0.11.0)
      pakyow-support (= 0.11.0)
      rack (~> 1.6)
    pakyow-mailer (0.11.0)
      mail (~> 2.6)
      pakyow-core (= 0.11.0)
      pakyow-presenter (= 0.11.0)
      pakyow-support (= 0.11.0)
      premailer (~> 1.8)
    pakyow-presenter (0.11.0)
      oga (~> 2.0)
      pakyow-core (= 0.11.0)
      pakyow-support (= 0.11.0)
    pakyow-rake (0.11.0)
      pakyow-core (= 0.11.0)
      pakyow-presenter (= 0.11.0)
      pakyow-support (= 0.11.0)
      rake (~> 11.1)
    pakyow-realtime (0.11.0)
      concurrent-ruby (~> 1.0)
      pakyow-core (= 0.11.0)
      pakyow-support (= 0.11.0)
      redis (~> 3.2)
      websocket (~> 1.2)
    pakyow-support (0.11.0)
    pakyow-test (0.11.0)
      pakyow-core (= 0.11.0)
      pakyow-mailer (= 0.11.0)
      pakyow-presenter (= 0.11.0)
      pakyow-support (= 0.11.0)
    pakyow-ui (0.11.0)
      pakyow-core (= 0.11.0)
      pakyow-presenter (= 0.11.0)
      pakyow-realtime (= 0.11.0)
      pakyow-support (= 0.11.0)

GEM
  remote: https://rubygems.org/
  specs:
    addressable (2.4.0)
    ansi (1.5.0)
    ast (2.2.0)
    aws-sdk (2.2.36)
      aws-sdk-resources (= 2.2.36)
    aws-sdk-core (2.2.36)
      jmespath (~> 1.0)
    aws-sdk-resources (2.2.36)
      aws-sdk-core (= 2.2.36)
    bcrypt (3.1.11)
    concurrent-ruby (1.0.1)
    css_parser (1.4.1)
      addressable
    daemons (1.2.3)
    domain_name (0.5.20160310)
      unf (>= 0.0.5, < 1.0.0)
    dotenv (2.1.1)
    eventmachine (1.2.0.1)
    htmlentities (4.3.4)
    http-cookie (1.0.2)
      domain_name (~> 0.5)
    httparty (0.13.7)
      json (~> 1.8)
      multi_xml (>= 0.5.2)
    jmespath (1.2.4)
      json_pure (>= 1.8.1)
    json (1.8.3)
    json_pure (1.8.3)
    mail (2.6.4)
      mime-types (>= 1.16, < 4)
    mailgun-ruby (1.1.0)
      json (~> 1.8)
      rest-client (~> 1.6)
    mime-types (2.99.1)
    mini_magick (4.5.1)
    mini_portile2 (2.0.0)
    multi_xml (0.5.5)
    netrc (0.11.0)
    nokogiri (1.6.7.2)
      mini_portile2 (~> 2.0.0.rc2)
    oga (2.2)
      ast
      ruby-ll (~> 2.1)
    pg (0.18.4)
    premailer (1.8.6)
      css_parser (>= 1.3.6)
      htmlentities (>= 4.0.0)
    puma (3.4.0)
    rack (1.6.4)
    rake (11.1.2)
    redis (3.3.0)
    rest-client (1.8.0)
      http-cookie (>= 1.0.2, < 2.0)
      mime-types (>= 1.16, < 3.0)
      netrc (~> 0.7)
    ruby-ll (2.1.2)
      ansi
      ast
    sequel (4.33.0)
    thin (1.6.4)
      daemons (~> 1.0, >= 1.0.9)
      eventmachine (~> 1.0, >= 1.0.4)
      rack (~> 1.0)
    thor (0.19.1)
    unf (0.1.4)
      unf_ext
    unf_ext (0.0.7.2)
    websocket (1.2.3)

PLATFORMS
  ruby

DEPENDENCIES
  aws-sdk (~> 2)
  bcrypt
  dotenv
  httparty
  mailgun-ruby
  mini_magick
  nokogiri
  pakyow!
  pg
  puma
  rake
  sequel
  thin

BUNDLED WITH
   1.11.2
