GEM
  remote: https://rubygems.org/
  specs:
    activesupport (5.1.4)
      concurrent-ruby (~> 1.0, >= 1.0.2)
      i18n (~> 0.7)
      minitest (~> 5.1)
      tzinfo (~> 1.1)
    addressable (2.5.2)
      public_suffix (>= 2.0.2, < 4.0)
    ansi (1.5.0)
    ast (2.3.0)
    aws-sdk (2.10.45)
      aws-sdk-resources (= 2.10.45)
    aws-sdk-core (2.10.45)
      aws-sigv4 (~> 1.0)
      jmespath (~> 1.0)
    aws-sdk-resources (2.10.45)
      aws-sdk-core (= 2.10.45)
    aws-sigv4 (1.0.2)
    bcrypt (3.1.11)
    bcrypt-ruby (3.1.5)
      bcrypt (>= 3.1.3)
    concurrent-ruby (1.0.5)
    css_parser (1.6.0)
      addressable
    daemons (1.2.4)
    domain_name (0.5.20170404)
      unf (>= 0.0.5, < 1.0.0)
    dotenv (2.2.1)
    eventmachine (1.2.5)
    faraday (0.14.0)
      multipart-post (>= 1.2, < 3)
    gibbon (3.2.0)
      faraday (>= 0.9.1)
      multi_json (>= 1.11.0)
    htmlentities (4.3.4)
    http-cookie (1.0.3)
      domain_name (~> 0.5)
    httparty (0.15.6)
      multi_xml (>= 0.5.2)
    i18n (0.8.6)
    jmespath (1.3.1)
    mail (2.6.6)
      mime-types (>= 1.16, < 4)
    mailgun-ruby (1.1.6)
      rest-client (~> 2.0)
    mime-types (3.1)
      mime-types-data (~> 3.2015)
    mime-types-data (3.2016.0521)
    mini_magick (4.8.0)
    mini_portile2 (2.2.0)
    minitest (5.10.3)
    multi_json (1.13.1)
    multi_xml (0.6.0)
    multipart-post (2.0.0)
    netrc (0.11.0)
    nokogiri (1.8.0)
      mini_portile2 (~> 2.2.0)
    oga (2.11)
      ast
      ruby-ll (~> 2.1)
    pakyow (0.11.3)
      bundler (~> 1.10)
      pakyow-core (= 0.11.3)
      pakyow-mailer (= 0.11.3)
      pakyow-presenter (= 0.11.3)
      pakyow-rake (= 0.11.3)
      pakyow-realtime (= 0.11.3)
      pakyow-support (= 0.11.3)
      pakyow-test (= 0.11.3)
      pakyow-ui (= 0.11.3)
      thor (~> 0.19)
    pakyow-core (0.11.3)
      pakyow-support (= 0.11.3)
      rack (~> 1.6)
    pakyow-mailer (0.11.3)
      mail (~> 2.6)
      pakyow-core (= 0.11.3)
      pakyow-presenter (= 0.11.3)
      pakyow-support (= 0.11.3)
      premailer (~> 1.8)
    pakyow-presenter (0.11.3)
      oga (~> 2.0)
      pakyow-core (= 0.11.3)
      pakyow-support (= 0.11.3)
    pakyow-rake (0.11.3)
      pakyow-core (= 0.11.3)
      pakyow-presenter (= 0.11.3)
      pakyow-support (= 0.11.3)
      rake (~> 11.1)
    pakyow-realtime (0.11.3)
      concurrent-ruby (~> 1.0)
      pakyow-core (= 0.11.3)
      pakyow-support (= 0.11.3)
      redis (~> 3.2)
      websocket (~> 1.2)
    pakyow-support (0.11.3)
    pakyow-test (0.11.3)
      pakyow-core (= 0.11.3)
      pakyow-mailer (= 0.11.3)
      pakyow-presenter (= 0.11.3)
      pakyow-support (= 0.11.3)
    pakyow-ui (0.11.3)
      pakyow-core (= 0.11.3)
      pakyow-presenter (= 0.11.3)
      pakyow-realtime (= 0.11.3)
      pakyow-support (= 0.11.3)
    pg (0.21.0)
    premailer (1.10.4)
      addressable
      css_parser (>= 1.4.10)
      htmlentities (>= 4.0.0)
    public_suffix (3.0.0)
    puma (3.10.0)
    rack (1.6.8)
    rack-ssl (1.4.1)
      rack
    rake (11.3.0)
    redis (3.3.3)
    rest-client (2.0.2)
      http-cookie (>= 1.0.2, < 2.0)
      mime-types (>= 1.16, < 4.0)
      netrc (~> 0.8)
    ruby-ll (2.1.2)
      ansi
      ast
    sequel (4.49.0)
    thin (1.7.2)
      daemons (~> 1.0, >= 1.0.9)
      eventmachine (~> 1.0, >= 1.0.4)
      rack (>= 1, < 3)
    thor (0.20.0)
    thread_safe (0.3.6)
    tzinfo (1.2.3)
      thread_safe (~> 0.1)
    unf (0.1.4)
      unf_ext
    unf_ext (0.0.7.4)
    websocket (1.2.4)

PLATFORMS
  ruby

DEPENDENCIES
  activesupport (~> 5.0, >= 5.0.0.1)
  aws-sdk (~> 2)
  bcrypt-ruby (= 3.1.5)
  dotenv
  gibbon (= 3.2.0)
  httparty
  mailgun-ruby
  mini_magick
  nokogiri
  pakyow (~> 0.11.3)
  pg
  puma
  rack-ssl
  rake
  sequel
  thin

RUBY VERSION
   ruby 2.4.1p111

BUNDLED WITH
   1.16.0.pre.2
