GEM
  remote: https://rubygems.org/
  specs:
    addressable (2.4.0)
    ansi (1.5.0)
    ast (2.3.0)
    concurrent-ruby (1.0.2)
    css_parser (1.4.5)
      addressable
    diff-lcs (1.2.5)
    dotenv (2.1.1)
    htmlentities (4.3.4)
    mail (2.6.4)
      mime-types (>= 1.16, < 4)
    mime-types (3.1)
      mime-types-data (~> 3.2015)
    mime-types-data (3.2016.0521)
    oga (2.2)
      ast
      ruby-ll (~> 2.1)
    pakyow (0.11.2)
      bundler (~> 1.10)
      pakyow-core (= 0.11.2)
      pakyow-mailer (= 0.11.2)
      pakyow-presenter (= 0.11.2)
      pakyow-rake (= 0.11.2)
      pakyow-realtime (= 0.11.2)
      pakyow-support (= 0.11.2)
      pakyow-test (= 0.11.2)
      pakyow-ui (= 0.11.2)
      thor (~> 0.19)
    pakyow-core (0.11.2)
      pakyow-support (= 0.11.2)
      rack (~> 1.6)
    pakyow-mailer (0.11.2)
      mail (~> 2.6)
      pakyow-core (= 0.11.2)
      pakyow-presenter (= 0.11.2)
      pakyow-support (= 0.11.2)
      premailer (~> 1.8)
    pakyow-presenter (0.11.2)
      oga (~> 2.0)
      pakyow-core (= 0.11.2)
      pakyow-support (= 0.11.2)
    pakyow-rake (0.11.2)
      pakyow-core (= 0.11.2)
      pakyow-presenter (= 0.11.2)
      pakyow-support (= 0.11.2)
      rake (~> 11.1)
    pakyow-realtime (0.11.2)
      concurrent-ruby (~> 1.0)
      pakyow-core (= 0.11.2)
      pakyow-support (= 0.11.2)
      redis (~> 3.2)
      websocket (~> 1.2)
    pakyow-support (0.11.2)
    pakyow-test (0.11.2)
      pakyow-core (= 0.11.2)
      pakyow-mailer (= 0.11.2)
      pakyow-presenter (= 0.11.2)
      pakyow-support (= 0.11.2)
    pakyow-ui (0.11.2)
      pakyow-core (= 0.11.2)
      pakyow-presenter (= 0.11.2)
      pakyow-realtime (= 0.11.2)
      pakyow-support (= 0.11.2)
    premailer (1.8.7)
      css_parser (>= 1.4.5)
      htmlentities (>= 4.0.0)
    puma (3.4.0)
    rack (1.6.4)
    rake (11.2.2)
    redis (3.3.0)
    rspec (3.5.0)
      rspec-core (~> 3.5.0)
      rspec-expectations (~> 3.5.0)
      rspec-mocks (~> 3.5.0)
    rspec-core (3.5.1)
      rspec-support (~> 3.5.0)
    rspec-expectations (3.5.0)
      diff-lcs (>= 1.2.0, < 2.0)
      rspec-support (~> 3.5.0)
    rspec-mocks (3.5.0)
      diff-lcs (>= 1.2.0, < 2.0)
      rspec-support (~> 3.5.0)
    rspec-support (3.5.0)
    ruby-ll (2.1.2)
      ansi
      ast
    thor (0.19.1)
    websocket (1.2.3)

PLATFORMS
  ruby

DEPENDENCIES
  dotenv
  pakyow (~> 0.11.2)
  puma
  rspec
  thin

BUNDLED WITH
   1.10.6
